GEM
  remote: http://rubygems.org/
  remote: http://gems.github.com/
  specs:
    rack (1.2.1)
    sinatra (1.2.0.c)
      rack (~> 1.1)
      tilt (>= 1.2.2, < 2.0)
    tilt (1.2.2)

PLATFORMS
  ruby

DEPENDENCIES
  sinatra (= 1.2.0.c)
